GEM
  remote: https://rubygems.org/
  specs:
    rack (1.5.2)
    rack-rewrite (1.5.1)

PLATFORMS
  ruby

DEPENDENCIES
  rack
  rack-rewrite (~> 1.5.0)

BUNDLED WITH
   2.1.4
